GEM
  remote: http://rubygems.org/
  specs:
    pandoc-ruby (0.4.1)
    xml-simple (1.1.1)

PLATFORMS
  ruby

DEPENDENCIES
  pandoc-ruby
  xml-simple
